GIT
  remote: http://github.com/37signals/mail_view.git
  revision: a99c2fc242fbb271a739a0934c59d4d66d3cf9c7
  specs:
    mail_view (1.0.1)
      tilt

GIT
  remote: http://github.com/ballantyne/omniauth-douban.git
  revision: 7affc4a09216f1c82a271a691ade3ba990e20a24
  specs:
    omniauth-douban (1.0.0.rc2)
      multi_json
      omniauth (~> 1.0.0.rc2)
      omniauth-oauth (~> 1.0.0.rc2)

GIT
  remote: http://github.com/xdite/bootstrap-rails.git
  revision: 7fe2d48ef0b01de7b16aa927465d83c768e3769e
  specs:
    bootstrap-rails (0.1.4)
      railties (~> 3.0)
      thor (~> 0.14)

GEM
  remote: http://ruby.taobao.org/
  specs:
    actionmailer (3.2.2)
      actionpack (= 3.2.2)
      mail (~> 2.4.0)
    actionpack (3.2.2)
      activemodel (= 3.2.2)
      activesupport (= 3.2.2)
      builder (~> 3.0.0)
      erubis (~> 2.7.0)
      journey (~> 1.0.1)
      rack (~> 1.4.0)
      rack-cache (~> 1.1)
      rack-test (~> 0.6.1)
      sprockets (~> 2.1.2)
    activemodel (3.2.2)
      activesupport (= 3.2.2)
      builder (~> 3.0.0)
    activerecord (3.2.2)
      activemodel (= 3.2.2)
      activesupport (= 3.2.2)
      arel (~> 3.0.2)
      tzinfo (~> 0.3.29)
    activeresource (3.2.2)
      activemodel (= 3.2.2)
      activesupport (= 3.2.2)
    activesupport (3.2.2)
      i18n (~> 0.6)
      multi_json (~> 1.0)
    addressable (2.2.7)
    arel (3.0.2)
    bcrypt-ruby (3.0.1)
    bson (1.5.2)
    bson_ext (1.5.2)
      bson (= 1.5.2)
    builder (3.0.0)
    cancan (1.6.7)
    carrierwave (0.5.7)
      activesupport (~> 3.0)
    carrierwave-mongoid (0.1.2)
      carrierwave (>= 0.5.6)
      mongoid (~> 2.1)
    carrierwave-upyun (0.1.3)
      carrierwave (>= 0.5.7)
      rest-client (>= 1.6.7)
    cells (3.7.1)
      actionpack (~> 3.0)
      railties (~> 3.0)
    childprocess (0.3.1)
      ffi (~> 1.0.6)
    devise (2.0.4)
      bcrypt-ruby (~> 3.0)
      orm_adapter (~> 0.0.3)
      railties (~> 3.1)
      warden (~> 1.1.1)
    erubis (2.7.0)
    faraday (0.7.6)
      addressable (~> 2.2)
      multipart-post (~> 1.1)
      rack (~> 1.1)
    ffi (1.0.11)
    hashie (1.2.0)
    hike (1.2.1)
    hoe (3.0.0)
      rake (~> 0.8)
    i18n (0.6.0)
    journey (1.0.3)
    jquery-atwho-rails (0.1.3)
    jquery-rails (1.0.16)
      railties (~> 3.0)
      thor (~> 0.14)
    json (1.6.5)
    mail (2.4.4)
      i18n (>= 0.4.0)
      mime-types (~> 1.16)
      treetop (~> 1.4.8)
    mash (0.1.1)
    mime-types (1.18)
    mini_magick (3.3)
      subexec (~> 0.1.0)
    mongo (1.5.2)
      bson (= 1.5.2)
    mongo-rails-instrumentation (0.2.4)
    mongoid (2.4.3)
      activemodel (~> 3.1)
      mongo (~> 1.3)
      tzinfo (~> 0.3.22)
    mongoid_auto_increment_id (0.4.0)
      mongoid (~> 2.4.0)
    mongoid_rails_migrations (0.0.14)
      activesupport (>= 3.0.0)
      bundler (>= 1.0.0)
      rails (>= 3.0.0)
      railties (>= 3.0.0)
    multi_json (1.1.0)
    multipart-post (1.1.5)
    oauth (0.4.5)
    oauth2 (0.5.2)
      faraday (~> 0.7)
      multi_json (~> 1.0)
    omniauth (1.0.3)
      hashie (~> 1.2)
      rack
    omniauth-github (1.0.1)
      omniauth (~> 1.0)
      omniauth-oauth2 (~> 1.0)
    omniauth-oauth (1.0.1)
      oauth
      omniauth (~> 1.0)
    omniauth-oauth2 (1.0.0)
      oauth2 (~> 0.5.0)
      omniauth (~> 1.0)
    omniauth-openid (1.0.1)
      omniauth (~> 1.0)
      rack-openid (~> 1.3.1)
    omniauth-twitter (0.0.8)
      omniauth-oauth (~> 1.0)
    orm_adapter (0.0.6)
    polyglot (0.3.3)
    rack (1.4.1)
    rack-cache (1.2)
      rack (>= 0.4)
    rack-openid (1.3.1)
      rack (>= 1.1.0)
      ruby-openid (>= 2.1.8)
    rack-protection (1.2.0)
      rack
    rack-ssl (1.3.2)
      rack
    rack-test (0.6.1)
      rack (>= 1.0)
    rails (3.2.2)
      actionmailer (= 3.2.2)
      actionpack (= 3.2.2)
      activerecord (= 3.2.2)
      activeresource (= 3.2.2)
      activesupport (= 3.2.2)
      bundler (~> 1.0)
      railties (= 3.2.2)
    rails-i18n (0.1.8)
      i18n (~> 0.5)
    rails_autolink (1.0.6)
      rails (~> 3.1)
    railties (3.2.2)
      actionpack (= 3.2.2)
      activesupport (= 3.2.2)
      rack-ssl (~> 1.3.2)
      rake (>= 0.8.7)
      rdoc (~> 3.4)
      thor (~> 0.14.6)
    rake (0.9.2.2)
    rdoc (3.12)
      json (~> 1.4)
    redis (2.2.2)
    redis-namespace (1.0.3)
      redis (< 3.0.0)
    redis-objects (0.5.2)
      redis (>= 2.1.1)
    resque (1.20.0)
      multi_json (~> 1.0)
      redis-namespace (~> 1.0.2)
      sinatra (>= 0.9.2)
      vegas (~> 0.1.2)
    resque_mailer (2.0.2)
      actionmailer (>= 3.0.0)
      resque (>= 1.2.3)
    rest-client (1.6.7)
      mime-types (>= 1.16)
    ruby-github (0.0.3)
      hoe (>= 1.5.1)
      json
      mash (>= 0.0.3)
    ruby-openid (2.1.8)
    rubyzip (0.9.6.1)
    selenium-webdriver (2.20.0)
      childprocess (>= 0.2.5)
      ffi (~> 1.0)
      multi_json (~> 1.0)
      rubyzip
    settingslogic (2.0.8)
    sinatra (1.3.2)
      rack (~> 1.3, >= 1.3.6)
      rack-protection (~> 1.2)
      tilt (~> 1.3, >= 1.3.3)
    sprockets (2.1.2)
      hike (~> 1.2)
      rack (~> 1.0)
      tilt (~> 1.1, != 1.3.0)
    subexec (0.1.0)
    thor (0.14.6)
    tilt (1.3.3)
    treetop (1.4.10)
      polyglot
      polyglot (>= 0.3.1)
    tzinfo (0.3.32)
    vegas (0.1.11)
      rack (>= 1.0.0)
    warden (1.1.1)
      rack (>= 1.0)
    watir-webdriver (0.5.3)
      selenium-webdriver (>= 2.12.0)

PLATFORMS
  ruby

DEPENDENCIES
  bootstrap-rails!
  bson_ext (= 1.5.2)
  cancan (~> 1.6.7)
  carrierwave (= 0.5.7)
  carrierwave-mongoid (= 0.1.2)
  carrierwave-upyun (= 0.1.3)
  cells (= 3.7.1)
  devise (~> 2.0.4)
  jquery-atwho-rails (= 0.1.3)
  jquery-rails (= 1.0.16)
  mail_view!
  mini_magick (= 3.3)
  mongo-rails-instrumentation (= 0.2.4)
  mongoid (= 2.4.3)
  mongoid_auto_increment_id (= 0.4.0)
  mongoid_rails_migrations (~> 0.0.14)
  omniauth (~> 1.0.1)
  omniauth-douban!
  omniauth-github (~> 1.0.0)
  omniauth-openid (~> 1.0.1)
  omniauth-twitter (~> 0.0.7)
  rails (= 3.2.2)
  rails-i18n (= 0.1.8)
  rails_autolink (>= 1.0.4)
  redis-namespace (~> 1.0.2)
  redis-objects (= 0.5.2)
  resque (~> 1.20.0)
  resque_mailer (= 2.0.2)
  ruby-github
  settingslogic (~> 2.0.6)
  watir-webdriver
